GEM
  remote: http://rubygems.org/
  specs:
    datet (0.0.21)
    diff-lcs (1.1.3)
    git (1.2.5)
    http2 (0.0.13)
    jeweler (1.8.4)
      bundler (~> 1.0)
      git (>= 1.2.5)
      rake
      rdoc
    json (1.7.7)
    knjrbfw (0.0.101)
      datet
      http2
      php4r
      tsafe
      wref
    php4r (0.0.3)
      datet
      http2
    rake (10.0.3)
    rdoc (3.12.2)
      json (~> 1.4)
    rmagick (2.13.2)
    rspec (2.8.0)
      rspec-core (~> 2.8.0)
      rspec-expectations (~> 2.8.0)
      rspec-mocks (~> 2.8.0)
    rspec-core (2.8.0)
    rspec-expectations (2.8.0)
      diff-lcs (~> 1.1.2)
    rspec-mocks (2.8.0)
    tsafe (0.0.11)
    wref (0.0.5)

PLATFORMS
  ruby

DEPENDENCIES
  bundler
  datet
  jeweler
  knjrbfw
  rdoc (~> 3.12)
  rmagick
  rspec (~> 2.8.0)
